GEM
  remote: https://rubygems.org/
  specs:
    colorize (1.1.0)
    date (3.3.4)
    open-uri (0.4.1)
      stringio
      time
      uri
    rubyzip (2.3.2)
    stringio (3.1.1)
    time (0.4.0)
      date
    uri (0.13.1)

PLATFORMS
  ruby
  x86_64-linux

DEPENDENCIES
  colorize
  open-uri
  rubyzip

BUNDLED WITH
   2.5.16
